GEM
  remote: http://rubygems.org/
  specs:
    activesupport (5.1.3)
      concurrent-ruby (~> 1.0, >= 1.0.2)
      i18n (~> 0.7)
      minitest (~> 5.1)
      tzinfo (~> 1.1)
    addressable (2.5.1)
      public_suffix (~> 2.0, >= 2.0.2)
    airbrussh (1.3.0)
      sshkit (>= 1.6.1, != 1.7.0)
    axiom-types (0.1.1)
      descendants_tracker (~> 0.0.4)
      ice_nine (~> 0.11.0)
      thread_safe (~> 0.3, >= 0.3.1)
    buftok (0.2.0)
    capistrano (3.9.0)
      airbrussh (>= 1.0.0)
      i18n
      rake (>= 10.0.0)
      sshkit (>= 1.9.0)
    capistrano-bundler (1.2.0)
      capistrano (~> 3.1)
      sshkit (~> 1.2)
    capistrano-rvm (0.1.2)
      capistrano (~> 3.0)
      sshkit (~> 1.2)
    coercible (1.0.0)
      descendants_tracker (~> 0.0.1)
    concurrent-ruby (1.0.5)
    connection_pool (2.2.1)
    daemons (1.2.4)
    descendants_tracker (0.0.4)
      thread_safe (~> 0.3, >= 0.3.1)
    domain_name (0.5.20170404)
      unf (>= 0.0.5, < 1.0.0)
    equalizer (0.0.11)
    faraday (0.11.0)
      multipart-post (>= 1.2, < 3)
    http (2.2.2)
      addressable (~> 2.3)
      http-cookie (~> 1.0)
      http-form_data (~> 1.0.1)
      http_parser.rb (~> 0.6.0)
    http-cookie (1.0.3)
      domain_name (~> 0.5)
    http-form_data (1.0.3)
    http_parser.rb (0.6.0)
    i18n (0.8.6)
    ice_nine (0.11.2)
    memoizable (0.4.2)
      thread_safe (~> 0.3, >= 0.3.1)
    minitest (5.10.3)
    multipart-post (2.0.0)
    naught (1.1.0)
    net-scp (1.2.1)
      net-ssh (>= 2.6.5)
    net-ssh (4.1.0)
    public_suffix (2.0.5)
    rack (2.0.3)
    rack-protection (2.0.0)
      rack
    rake (12.0.0)
    redis (3.3.3)
    sidekiq (5.0.4)
      concurrent-ruby (~> 1.0)
      connection_pool (~> 2.2, >= 2.2.0)
      rack-protection (>= 1.5.0)
      redis (~> 3.3, >= 3.3.3)
    simple_oauth (0.3.1)
    sshkit (1.14.0)
      net-scp (>= 1.1.2)
      net-ssh (>= 2.8.0)
    telegram-bot-ruby (0.8.3)
      faraday
      virtus
    thread_safe (0.3.6)
    twitter (6.1.0)
      addressable (~> 2.5)
      buftok (~> 0.2.0)
      equalizer (= 0.0.11)
      faraday (~> 0.11.0)
      http (~> 2.1)
      http_parser.rb (~> 0.6.0)
      memoizable (~> 0.4.2)
      naught (~> 1.1)
      simple_oauth (~> 0.3.1)
    tzinfo (1.2.3)
      thread_safe (~> 0.1)
    unf (0.1.4)
      unf_ext
    unf_ext (0.0.7.4)
    virtus (1.0.5)
      axiom-types (~> 0.1)
      coercible (~> 1.0)
      descendants_tracker (~> 0.0, >= 0.0.3)
      equalizer (~> 0.0, >= 0.0.9)

PLATFORMS
  ruby

DEPENDENCIES
  activesupport
  capistrano (~> 3.9)
  capistrano-bundler
  capistrano-rvm
  daemons
  sidekiq
  telegram-bot-ruby
  twitter

BUNDLED WITH
   1.15.4
